GEM
  remote: https://rubygems.org/
  specs:
    concurrent-ruby (1.0.5)
    i18n (1.0.1)
      concurrent-ruby (~> 1.0)
    thor (0.20.0)

PLATFORMS
  ruby

DEPENDENCIES
  i18n
  thor

BUNDLED WITH
   1.16.3
